GIT
  remote: git://github.com/activefx/bootstrap-generators.git
  revision: 3b152f10b91ac3dc469cd73383d4bd1acbfb06bb
  specs:
    bootstrap-generators (1.4.0)
      railties (>= 3.1.0)

GIT
  remote: git://github.com/arunagw/omniauth-twitter.git
  revision: 6b5fad714f695342a092a578788eb1201fc998e7
  specs:
    omniauth-twitter (0.0.7)
      omniauth-oauth (~> 1.0)

GIT
  remote: git://github.com/evansagge/mongoid-rspec.git
  revision: c6e4ca867788fcb4678e46dec64961e8835780e4
  specs:
    mongoid-rspec (1.4.4)
      mongoid (~> 2.0)
      rake
      rspec (~> 2)

GIT
  remote: git://github.com/intridea/omniauth-github.git
  revision: d6e44c435ded9c99796ad635a793ec6b8a508c68
  specs:
    omniauth-github (1.0.1)
      omniauth (~> 1.0)
      omniauth-oauth2 (~> 1.0)

GIT
  remote: git://github.com/intridea/omniauth-oauth.git
  revision: 6e82c91a4f86886d80d2cc256156eca13f2a6309
  specs:
    omniauth-oauth (1.0.0)
      oauth
      omniauth (~> 1.0)

GIT
  remote: git://github.com/intridea/omniauth-oauth2.git
  revision: 21fd9b0dde4b7afe052bc6a74ce32ca132078188
  specs:
    omniauth-oauth2 (1.0.0)
      oauth2 (~> 0.5.0)
      omniauth (~> 1.0)

GIT
  remote: git://github.com/intridea/omniauth-openid.git
  revision: df07ddf98ac4681aab7120cbb1530ff5ac4a2ac8
  specs:
    omniauth-openid (1.0.1)
      omniauth (~> 1.0)
      rack-openid (~> 1.3.1)

GIT
  remote: git://github.com/intridea/omniauth.git
  revision: 7c9c8da1c4240c4b4ebb40f35de807ed8a341a23
  specs:
    omniauth (1.0.1)
      hashie (~> 1.2)
      rack (~> 1.0)

GIT
  remote: git://github.com/jeroenvandijk/capybara-mechanize.git
  revision: 8f9deb24b3f62ae0fbbc3cdaf62d8ad7d83d14e8
  specs:
    capybara-mechanize (0.3.0.rc3)
      capybara (~> 1.1.0)
      mechanize (~> 2.0.0)

GIT
  remote: git://github.com/mark-moseley/linecache
  revision: 869c6a65155068415925067e480741bd0a71527e
  specs:
    linecache19 (0.5.12)
      ruby_core_source (>= 0.1.4)

GIT
  remote: git://github.com/mkdynamic/omniauth-facebook.git
  revision: 72f6c1f4335803d35ba08085a6019924831db869
  specs:
    omniauth-facebook (1.1.0)
      omniauth-oauth2 (~> 1.0.0)

GIT
  remote: git://github.com/plataformatec/simple_form.git
  revision: 2296d25ce36d41f31b72638d9f0fdb92ffc3d513
  specs:
    simple_form (2.0.0.dev)
      actionpack (~> 3.0)
      activemodel (~> 3.0)

GIT
  remote: git://github.com/ryanb/letter_opener.git
  revision: 29b17fefe87b8fdc7ead987dbfabe355b59ff684
  specs:
    letter_opener (0.0.2)
      launchy

GIT
  remote: git://github.com/skorks/omniauth-linkedin.git
  revision: ef92e0fb31a06cc8830de28172426e71d8753dc0
  specs:
    omniauth-linkedin (0.0.6)
      omniauth-oauth (~> 1.0.0)

GIT
  remote: git://github.com/stouset/twitter_bootstrap_form_for.git
  revision: e2c89a5fa8495b3453de4eb51407eeacb7163f72
  specs:
    twitter_bootstrap_form_for (1.0.5)
      actionpack (~> 3)
      railties (~> 3)

GIT
  remote: http://github.com/seyhunak/twitter-bootstrap-rails.git
  revision: 5e62b21c8f258010af7f5bc858b89a24f16936a9
  branch: static
  specs:
    twitter-bootstrap-rails (1.4.0)
      actionpack
      railties

GIT
  remote: https://github.com/chriseppstein/compass.git
  revision: 4171c0eef73b0817c971bfceb3cc92bb0bf4df49
  specs:
    compass (0.12.alpha.3.4171c0e)
      chunky_png (~> 1.2)
      fssm (>= 0.2.7)
      sass (~> 3.1)

GEM
  remote: http://rubygems.org/
  specs:
    POpen4 (0.1.4)
      Platform (>= 0.4.0)
      open4
    Platform (0.4.0)
    actionmailer (3.2.0.rc1)
      actionpack (= 3.2.0.rc1)
      mail (~> 2.3.0)
    actionpack (3.2.0.rc1)
      activemodel (= 3.2.0.rc1)
      activesupport (= 3.2.0.rc1)
      builder (~> 3.0.0)
      erubis (~> 2.7.0)
      i18n (~> 0.6)
      journey (~> 1.0.0.rc1)
      rack (~> 1.3.5)
      rack-cache (~> 1.1)
      rack-test (~> 0.6.1)
      sprockets (~> 2.1.2)
    activemodel (3.2.0.rc1)
      activesupport (= 3.2.0.rc1)
      builder (~> 3.0.0)
      i18n (~> 0.6)
    activerecord (3.2.0.rc1)
      activemodel (= 3.2.0.rc1)
      activesupport (= 3.2.0.rc1)
      arel (~> 3.0.0.rc1)
      tzinfo (~> 0.3.29)
    activeresource (3.2.0.rc1)
      activemodel (= 3.2.0.rc1)
      activesupport (= 3.2.0.rc1)
    activesupport (3.2.0.rc1)
      i18n (~> 0.6)
      multi_json (~> 1.0)
    addressable (2.2.6)
    archive-tar-minitar (0.5.2)
    arel (3.0.0.rc1)
    bcrypt-ruby (3.0.1)
    bson (1.5.2)
    bson_ext (1.5.2)
      bson (= 1.5.2)
    builder (3.0.0)
    capistrano (2.9.0)
      highline
      net-scp (>= 1.0.0)
      net-sftp (>= 2.0.0)
      net-ssh (>= 2.0.14)
      net-ssh-gateway (>= 1.1.0)
    capybara (1.1.2)
      mime-types (>= 1.16)
      nokogiri (>= 1.3.3)
      rack (>= 1.0.0)
      rack-test (>= 0.5.4)
      selenium-webdriver (~> 2.0)
      xpath (~> 0.1.4)
    capybara-webkit (0.7.2)
      capybara (>= 1.0.0, < 1.2)
    childprocess (0.2.4)
      ffi (~> 1.0.6)
    chronic (0.6.6)
    chunky_png (1.2.5)
    coffee-rails (3.2.0)
      coffee-script (>= 2.2.0)
      railties (~> 3.2.0.beta)
    coffee-script (2.2.0)
      coffee-script-source
      execjs
    coffee-script-source (1.2.0)
    columnize (0.3.6)
    configatron (2.9.0)
      yamler (>= 0.1.0)
    crack (0.3.1)
    database_cleaner (0.7.0)
    devise (2.0.0.rc)
      bcrypt-ruby (~> 3.0)
      orm_adapter (~> 0.0.3)
      warden (~> 1.1)
    diff-lcs (1.1.3)
    erubis (2.7.0)
    execjs (1.2.13)
      multi_json (~> 1.0)
    factory_girl (2.3.2)
      activesupport
    factory_girl_rails (1.4.0)
      factory_girl (~> 2.3.0)
      railties (>= 3.0.0)
    faraday (0.7.5)
      addressable (~> 2.2.6)
      multipart-post (~> 1.1.3)
      rack (>= 1.1.0, < 2)
    ffi (1.0.11)
    foreman (0.30.1)
      term-ansicolor (~> 1.0.5)
      thor (>= 0.13.6)
    fssm (0.2.7)
    fuubar (0.0.6)
      rspec (~> 2.0)
      rspec-instafail (~> 0.1.8)
      ruby-progressbar (~> 0.0.10)
    guard (0.9.4)
      ffi (>= 0.5.0)
      thor (~> 0.14.6)
    guard-bundler (0.1.3)
      bundler (>= 1.0.0)
      guard (>= 0.2.2)
    guard-coffeescript (0.5.4)
      coffee-script (>= 2.2.0)
      guard (>= 0.8.3)
    guard-jasmine-headless-webkit (0.3.2)
      guard (>= 0.4.0)
      jasmine-headless-webkit (>= 0.7.0)
    guard-process (1.0.2)
      ffi (~> 1.0.9)
      guard (>= 0.4.2)
      spoon (~> 0.0.1)
    guard-rails (0.0.3)
      guard (>= 0.2.2)
    guard-rails-assets (0.1.3)
      guard
      rails (>= 3.1.1)
      rake
    guard-rspec (0.5.10)
      guard (>= 0.8.4)
    guard-sass (0.5.4)
      guard (>= 0.4.0)
      sass (>= 3.1)
    guard-spork (0.4.1)
      guard (>= 0.8.4)
      spork (>= 0.8.4)
    guard-uglify (0.1.0)
      guard (>= 0.2.2)
      uglifier
    haml (3.1.4)
    haml-rails (0.3.4)
      actionpack (~> 3.0)
      activesupport (~> 3.0)
      haml (~> 3.0)
      railties (~> 3.0)
    hashie (1.2.0)
    highline (1.6.9)
    hike (1.2.1)
    hpricot (0.8.5)
    i18n (0.6.0)
    jasmine (1.1.2)
      jasmine-core (>= 1.1.0)
      rack (>= 1.1)
      rspec (>= 1.3.1)
      selenium-webdriver (>= 0.1.3)
    jasmine-core (1.1.0)
    jasmine-headless-webkit (0.8.4)
      coffee-script
      jasmine-core (~> 1.1)
      multi_json
      rainbow
      sprockets (~> 2)
    journey (1.0.0.rc3)
    jquery-rails (2.0.0)
      railties (>= 3.2.0.beta, < 5.0)
      thor (~> 0.14)
    json (1.6.4)
    kaminari (0.13.0)
      actionpack (>= 3.0.0)
      activesupport (>= 3.0.0)
      railties (>= 3.0.0)
    launchy (2.0.5)
      addressable (~> 2.2.6)
    libnotify (0.6.0)
    libv8 (3.3.10.4)
    mail (2.3.0)
      i18n (>= 0.4.0)
      mime-types (~> 1.16)
      treetop (~> 1.4.8)
    mechanize (2.0.1)
      net-http-digest_auth (~> 1.1, >= 1.1.1)
      net-http-persistent (~> 1.8)
      nokogiri (~> 1.4)
      webrobots (~> 0.0, >= 0.0.9)
    metaclass (0.0.1)
    mime-types (1.17.2)
    mocha (0.10.0)
      metaclass (~> 0.0.1)
    mongo (1.5.2)
      bson (= 1.5.2)
    mongoid (2.3.4)
      activemodel (~> 3.1)
      mongo (~> 1.3)
      tzinfo (~> 0.3.22)
    multi_json (1.0.4)
    multipart-post (1.1.4)
    net-http-digest_auth (1.2)
    net-http-persistent (1.9)
    net-scp (1.0.4)
      net-ssh (>= 1.99.1)
    net-sftp (2.0.5)
      net-ssh (>= 2.0.9)
    net-ssh (2.2.1)
    net-ssh-gateway (1.1.0)
      net-ssh (>= 1.99.1)
    nokogiri (1.5.0)
    oauth (0.4.5)
    oauth2 (0.5.1)
      faraday (~> 0.7.4)
      multi_json (~> 1.0.3)
    open4 (1.3.0)
    orm_adapter (0.0.5)
    polyglot (0.3.3)
    rack (1.3.6)
    rack-cache (1.1)
      rack (>= 0.4)
    rack-openid (1.3.1)
      rack (>= 1.1.0)
      ruby-openid (>= 2.1.8)
    rack-ssl (1.3.2)
      rack
    rack-test (0.6.1)
      rack (>= 1.0)
    rails (3.2.0.rc1)
      actionmailer (= 3.2.0.rc1)
      actionpack (= 3.2.0.rc1)
      activerecord (= 3.2.0.rc1)
      activeresource (= 3.2.0.rc1)
      activesupport (= 3.2.0.rc1)
      bundler (~> 1.0)
      railties (= 3.2.0.rc1)
    rails-footnotes (3.7.5)
      rails (>= 3.0.0)
    railties (3.2.0.rc1)
      actionpack (= 3.2.0.rc1)
      activesupport (= 3.2.0.rc1)
      rack-ssl (~> 1.3.2)
      rake (>= 0.8.7)
      rdoc (~> 3.4)
      thor (~> 0.14.6)
    rainbow (1.1.3)
    rake (0.9.2.2)
    rb-inotify (0.8.8)
      ffi (>= 0.5.0)
    rb-readline (0.4.2)
    rdoc (3.12)
      json (~> 1.4)
    rspec (2.7.0)
      rspec-core (~> 2.7.0)
      rspec-expectations (~> 2.7.0)
      rspec-mocks (~> 2.7.0)
    rspec-core (2.7.1)
    rspec-expectations (2.7.0)
      diff-lcs (~> 1.1.2)
    rspec-instafail (0.1.9)
    rspec-mocks (2.7.0)
    rspec-rails (2.7.0)
      actionpack (~> 3.0)
      activesupport (~> 3.0)
      railties (~> 3.0)
      rspec (~> 2.7.0)
    ruby-debug-base19 (0.11.25)
      columnize (>= 0.3.1)
      linecache19 (>= 0.5.11)
      ruby_core_source (>= 0.1.4)
    ruby-debug-base19x (0.11.30.pre4)
      columnize (>= 0.3.1)
      linecache19 (>= 0.5.11)
      rake (>= 0.8.1)
      ruby_core_source (>= 0.1.4)
    ruby-debug19 (0.11.6)
      columnize (>= 0.3.1)
      linecache19 (>= 0.5.11)
      ruby-debug-base19 (>= 0.11.19)
    ruby-openid (2.1.8)
    ruby-progressbar (0.0.10)
    ruby_core_source (0.1.5)
      archive-tar-minitar (>= 0.5.2)
    ruby_parser (2.3.1)
      sexp_processor (~> 3.0)
    rubyzip (0.9.5)
    sass (3.1.12)
    sass-rails (3.2.2)
      railties (~> 3.2.0.beta)
      sass (>= 3.1.10)
      tilt (~> 1.3)
    selenium-webdriver (2.15.0)
      childprocess (>= 0.2.1)
      ffi (~> 1.0.9)
      multi_json (~> 1.0.4)
      rubyzip
    sexp_processor (3.0.9)
    show_for (0.2.4)
    simplecov (0.5.4)
      multi_json (~> 1.0.3)
      simplecov-html (~> 0.5.3)
    simplecov-html (0.5.3)
    spoon (0.0.1)
    spork (0.9.0.rc9)
    sprockets (2.1.2)
      hike (~> 1.2)
      rack (~> 1.0)
      tilt (~> 1.1, != 1.3.0)
    term-ansicolor (1.0.7)
    therubyracer (0.9.9)
      libv8 (~> 3.3.10)
    thor (0.14.6)
    tilt (1.3.3)
    treetop (1.4.10)
      polyglot
      polyglot (>= 0.3.1)
    tzinfo (0.3.31)
    uglifier (1.2.1)
      execjs (>= 0.3.0)
      multi_json (>= 1.0.2)
    vcr (2.0.0.rc1)
    warden (1.1.0)
      rack (>= 1.0)
    webmock (1.7.8)
      addressable (~> 2.2, > 2.2.5)
      crack (>= 0.1.7)
    webrobots (0.0.12)
      nokogiri (>= 1.4.4)
    whenever (0.7.2)
      activesupport (>= 2.3.4)
      chronic (~> 0.6.3)
    xpath (0.1.4)
      nokogiri (~> 1.3)
    yamler (0.1.0)
    yui-compressor (0.9.6)
      POpen4 (>= 0.1.4)

PLATFORMS
  ruby

DEPENDENCIES
  bootstrap-generators!
  bson_ext (~> 1.4)
  capistrano
  capybara
  capybara-mechanize!
  capybara-webkit
  coffee-rails (~> 3.1)
  compass!
  configatron
  database_cleaner
  devise (~> 2.0.0.rc)
  factory_girl_rails (~> 1.3)
  foreman
  fuubar
  guard-bundler
  guard-coffeescript
  guard-jasmine-headless-webkit
  guard-process
  guard-rails
  guard-rails-assets
  guard-rspec
  guard-sass
  guard-spork
  guard-uglify
  haml
  haml-rails
  hpricot
  jasmine
  jasmine-headless-webkit
  jquery-rails
  kaminari
  launchy
  letter_opener!
  libnotify
  linecache19!
  mocha
  mongoid (~> 2.3)
  mongoid-rspec!
  multi_json
  omniauth (~> 1.0)!
  omniauth-facebook!
  omniauth-github!
  omniauth-linkedin!
  omniauth-oauth!
  omniauth-oauth2!
  omniauth-openid!
  omniauth-twitter!
  rails (= 3.2.0.rc1)
  rails-footnotes
  rb-inotify
  rb-readline
  rspec-instafail
  rspec-rails (~> 2.6)
  ruby-debug-base19x (~> 0.11.30.pre4)
  ruby-debug19
  ruby_parser
  sass
  sass-rails (~> 3.1)
  show_for
  simple_form!
  simplecov
  spork (>= 0.9.0.rc9)
  therubyracer
  twitter-bootstrap-rails!
  twitter_bootstrap_form_for!
  uglifier
  vcr (~> 2.0.0.beta1)
  webmock
  whenever
  yui-compressor
