GIT
  remote: git://github.com/decioferreira/bootstrap-generators.git
  revision: 557ec11785de9a0a337d015d037e1d1c887283ed
  specs:
    bootstrap-generators (1.0.1)
      railties (~> 3.0)

GIT
  remote: git://github.com/dkastner/devise.git
  revision: c9902f34d13e5502b597f5c903145560af8550d4
  branch: omniauth-1.0
  specs:
    devise (1.5.0.dev)
      bcrypt-ruby (~> 3.0)
      orm_adapter (~> 0.0.3)
      warden (~> 1.0.3)

GIT
  remote: git://github.com/evansagge/mongoid-rspec.git
  revision: c6e4ca867788fcb4678e46dec64961e8835780e4
  specs:
    mongoid-rspec (1.4.4)
      mongoid (~> 2.0)
      rake
      rspec (~> 2)

GIT
  remote: git://github.com/intridea/omniauth-contrib.git
  revision: bb61386c2b1032ff7ccafd8ed7ca3ceafd3c12aa
  specs:
    omniauth-contrib (1.0.0.rc2)
      multi_json
      omniauth (~> 1.0.0.rc2)
      omniauth-oauth (~> 1.0.0.rc2)

GIT
  remote: git://github.com/intridea/omniauth-oauth.git
  revision: 6da045b8d651a56b8dcc53a86022db8a3eb80a49
  specs:
    omniauth-oauth (1.0.0.rc2)
      oauth
      omniauth (~> 1.0.0.rc2)

GIT
  remote: git://github.com/intridea/omniauth-oauth2.git
  revision: 803bc3318d97b2b483fcd4f77acd7aee1136dfb6
  specs:
    omniauth-oauth2 (1.0.0.rc2)
      oauth2 (~> 0.5.0)
      omniauth (~> 1.0.0.rc2)

GIT
  remote: git://github.com/intridea/omniauth-openid.git
  revision: c37d729c42047cecdb0af22b91c0967f4b233058
  specs:
    omniauth-openid (1.0.0.rc2)
      omniauth (~> 1.0.0.rc2)
      rack-openid (~> 1.3.1)

GIT
  remote: git://github.com/intridea/omniauth.git
  revision: b0639b313bf22454ad64d26e129f335fab3c3391
  specs:
    omniauth (1.0.0.rc2)
      hashie (~> 1.2)
      rack

GIT
  remote: git://github.com/jeroenvandijk/capybara-mechanize.git
  revision: 8f9deb24b3f62ae0fbbc3cdaf62d8ad7d83d14e8
  specs:
    capybara-mechanize (0.3.0.rc3)
      capybara (~> 1.1.0)
      mechanize (~> 2.0.0)

GIT
  remote: git://github.com/plataformatec/simple_form.git
  revision: caf9c99081672fc65f4bd975acda043d799ac2d3
  specs:
    simple_form (2.0.0.dev)
      actionpack (~> 3.0)
      activemodel (~> 3.0)

GIT
  remote: git://github.com/ryanb/letter_opener.git
  revision: 29b17fefe87b8fdc7ead987dbfabe355b59ff684
  specs:
    letter_opener (0.0.2)
      launchy

GIT
  remote: git://github.com/stouset/twitter_bootstrap_form_for.git
  revision: b4053bb3ebc64a723f60b3cde8e68bc168181508
  specs:
    twitter_bootstrap_form_for (1.0.2)
      actionpack (~> 3)
      railties (~> 3)

GIT
  remote: http://github.com/seyhunak/twitter-bootstrap-rails.git
  revision: c08e7c33f92c9cf1aa38cb6469eb99d8bbc0faeb
  branch: static
  specs:
    twitter-bootstrap-rails (1.3.1)
      actionpack
      railties

GIT
  remote: https://github.com/chriseppstein/compass.git
  revision: 044855e04d853bbac0ab9b130eff5e5c342d08af
  specs:
    compass (0.12.alpha.0.044855e)
      chunky_png (~> 1.2)
      fssm (>= 0.2.7)
      sass (~> 3.1)

GEM
  remote: http://rubygems.org/
  specs:
    POpen4 (0.1.4)
      Platform (>= 0.4.0)
      open4
    Platform (0.4.0)
    actionmailer (3.1.1)
      actionpack (= 3.1.1)
      mail (~> 2.3.0)
    actionpack (3.1.1)
      activemodel (= 3.1.1)
      activesupport (= 3.1.1)
      builder (~> 3.0.0)
      erubis (~> 2.7.0)
      i18n (~> 0.6)
      rack (~> 1.3.2)
      rack-cache (~> 1.1)
      rack-mount (~> 0.8.2)
      rack-test (~> 0.6.1)
      sprockets (~> 2.0.2)
    activemodel (3.1.1)
      activesupport (= 3.1.1)
      builder (~> 3.0.0)
      i18n (~> 0.6)
    activerecord (3.1.1)
      activemodel (= 3.1.1)
      activesupport (= 3.1.1)
      arel (~> 2.2.1)
      tzinfo (~> 0.3.29)
    activeresource (3.1.1)
      activemodel (= 3.1.1)
      activesupport (= 3.1.1)
    activesupport (3.1.1)
      multi_json (~> 1.0)
    addressable (2.2.6)
    archive-tar-minitar (0.5.2)
    arel (2.2.1)
    bcrypt-ruby (3.0.1)
    bson (1.4.1)
    bson_ext (1.4.1)
    builder (3.0.0)
    capistrano (2.9.0)
      highline
      net-scp (>= 1.0.0)
      net-sftp (>= 2.0.0)
      net-ssh (>= 2.0.14)
      net-ssh-gateway (>= 1.1.0)
    capybara (1.1.1)
      mime-types (>= 1.16)
      nokogiri (>= 1.3.3)
      rack (>= 1.0.0)
      rack-test (>= 0.5.4)
      selenium-webdriver (~> 2.0)
      xpath (~> 0.1.4)
    capybara-webkit (0.7.2)
      capybara (>= 1.0.0, < 1.2)
    childprocess (0.2.2)
      ffi (~> 1.0.6)
    chronic (0.6.4)
    chunky_png (1.2.5)
    coffee-rails (3.1.1)
      coffee-script (>= 2.2.0)
      railties (~> 3.1.0)
    coffee-script (2.2.0)
      coffee-script-source
      execjs
    coffee-script-source (1.1.2)
    columnize (0.3.4)
    configatron (2.8.3)
      yamler (>= 0.1.0)
    crack (0.3.1)
    database_cleaner (0.6.7)
    diff-lcs (1.1.3)
    erubis (2.7.0)
    execjs (1.2.9)
      multi_json (~> 1.0)
    factory_girl (2.2.0)
      activesupport
    factory_girl_rails (1.3.0)
      factory_girl (~> 2.2.0)
      railties (>= 3.0.0)
    faraday (0.7.5)
      addressable (~> 2.2.6)
      multipart-post (~> 1.1.3)
      rack (>= 1.1.0, < 2)
    ffi (1.0.10)
    fssm (0.2.7)
    fuubar (0.0.6)
      rspec (~> 2.0)
      rspec-instafail (~> 0.1.8)
      ruby-progressbar (~> 0.0.10)
    guard (0.8.8)
      thor (~> 0.14.6)
    guard-bundler (0.1.3)
      bundler (>= 1.0.0)
      guard (>= 0.2.2)
    guard-coffeescript (0.5.2)
      coffee-script (>= 2.2.0)
      guard (>= 0.8.3)
    guard-jasmine-headless-webkit (0.3.0)
      guard (>= 0.4.0)
      jasmine-headless-webkit (>= 0.7.0)
    guard-process (1.0.2)
      ffi (~> 1.0.9)
      guard (>= 0.4.2)
      spoon (~> 0.0.1)
    guard-rails (0.0.3)
      guard (>= 0.2.2)
    guard-rails-assets (0.1.2)
      guard
      rails (>= 3.1.1)
      rake
    guard-rspec (0.5.1)
      guard (>= 0.8.4)
    guard-sass (0.5.3)
      guard (>= 0.4.0)
      sass (>= 3.1)
    guard-spork (0.3.1)
      guard (>= 0.8.4)
      spork (>= 0.8.4)
    guard-uglify (0.1.0)
      guard (>= 0.2.2)
      uglifier
    haml (3.1.3)
    hashie (1.2.0)
    highline (1.6.2)
    hike (1.2.1)
    hpricot (0.8.4)
    i18n (0.6.0)
    jasmine (1.1.2)
      jasmine-core (>= 1.1.0)
      rack (>= 1.1)
      rspec (>= 1.3.1)
      selenium-webdriver (>= 0.1.3)
    jasmine-core (1.2.0.rc1)
    jasmine-headless-webkit (0.7.2)
      coffee-script (>= 2.2)
      jasmine-core (~> 1.1.beta)
      multi_json
      rainbow
    jquery-rails (1.0.16)
      railties (~> 3.0)
      thor (~> 0.14)
    json (1.6.1)
    json_pure (1.6.1)
    kaminari (0.12.4)
      rails (>= 3.0.0)
    launchy (2.0.5)
      addressable (~> 2.2.6)
    libnotify (0.1.4)
      ffi (>= 0.6.2)
    libv8 (3.3.10.2)
    linecache19 (0.5.12)
      ruby_core_source (>= 0.1.4)
    mail (2.3.0)
      i18n (>= 0.4.0)
      mime-types (~> 1.16)
      treetop (~> 1.4.8)
    mechanize (2.0.1)
      net-http-digest_auth (~> 1.1, >= 1.1.1)
      net-http-persistent (~> 1.8)
      nokogiri (~> 1.4)
      webrobots (~> 0.0, >= 0.0.9)
    mime-types (1.17.2)
    mongo (1.4.1)
      bson (= 1.4.1)
    mongoid (2.3.3)
      activemodel (~> 3.1)
      mongo (~> 1.3)
      tzinfo (~> 0.3.22)
    multi_json (1.0.3)
    multipart-post (1.1.3)
    net-http-digest_auth (1.1.1)
    net-http-persistent (1.9)
    net-scp (1.0.4)
      net-ssh (>= 1.99.1)
    net-sftp (2.0.5)
      net-ssh (>= 2.0.9)
    net-ssh (2.2.1)
    net-ssh-gateway (1.1.0)
      net-ssh (>= 1.99.1)
    nokogiri (1.5.0)
    oauth (0.4.5)
    oauth2 (0.5.1)
      faraday (~> 0.7.4)
      multi_json (~> 1.0.3)
    open4 (1.2.0)
    orm_adapter (0.0.5)
    polyglot (0.3.3)
    rack (1.3.5)
    rack-cache (1.1)
      rack (>= 0.4)
    rack-mount (0.8.3)
      rack (>= 1.0.0)
    rack-openid (1.3.1)
      rack (>= 1.1.0)
      ruby-openid (>= 2.1.8)
    rack-ssl (1.3.2)
      rack
    rack-test (0.6.1)
      rack (>= 1.0)
    rails (3.1.1)
      actionmailer (= 3.1.1)
      actionpack (= 3.1.1)
      activerecord (= 3.1.1)
      activeresource (= 3.1.1)
      activesupport (= 3.1.1)
      bundler (~> 1.0)
      railties (= 3.1.1)
    rails-footnotes (3.7.5)
      rails (>= 3.0.0)
    railties (3.1.1)
      actionpack (= 3.1.1)
      activesupport (= 3.1.1)
      rack-ssl (~> 1.3.2)
      rake (>= 0.8.7)
      rdoc (~> 3.4)
      thor (~> 0.14.6)
    rainbow (1.1.1)
    rake (0.9.2.2)
    rb-inotify (0.8.8)
      ffi (>= 0.5.0)
    rdoc (3.11)
      json (~> 1.4)
    rspec (2.7.0)
      rspec-core (~> 2.7.0)
      rspec-expectations (~> 2.7.0)
      rspec-mocks (~> 2.7.0)
    rspec-core (2.7.1)
    rspec-expectations (2.7.0)
      diff-lcs (~> 1.1.2)
    rspec-instafail (0.1.9)
    rspec-mocks (2.7.0)
    rspec-rails (2.7.0)
      actionpack (~> 3.0)
      activesupport (~> 3.0)
      railties (~> 3.0)
      rspec (~> 2.7.0)
    ruby-debug-base19 (0.11.25)
      columnize (>= 0.3.1)
      linecache19 (>= 0.5.11)
      ruby_core_source (>= 0.1.4)
    ruby-debug19 (0.11.6)
      columnize (>= 0.3.1)
      linecache19 (>= 0.5.11)
      ruby-debug-base19 (>= 0.11.19)
    ruby-openid (2.1.8)
    ruby-progressbar (0.0.10)
    ruby_core_source (0.1.5)
      archive-tar-minitar (>= 0.5.2)
    ruby_parser (2.3.1)
      sexp_processor (~> 3.0)
    rubyzip (0.9.4)
    sass (3.1.10)
    sass-rails (3.1.4)
      actionpack (~> 3.1.0)
      railties (~> 3.1.0)
      sass (>= 3.1.4)
      sprockets (~> 2.0.0)
      tilt (~> 1.3.2)
    selenium-webdriver (2.8.0)
      childprocess (>= 0.2.1)
      ffi (>= 1.0.7)
      json_pure
      rubyzip
    sexp_processor (3.0.7)
    simplecov (0.5.4)
      multi_json (~> 1.0.3)
      simplecov-html (~> 0.5.3)
    simplecov-html (0.5.3)
    spoon (0.0.1)
    spork (0.9.0.rc9)
    sprockets (2.0.3)
      hike (~> 1.2)
      rack (~> 1.0)
      tilt (~> 1.1, != 1.3.0)
    therubyracer (0.9.8)
      libv8 (~> 3.3.10)
    thor (0.14.6)
    tilt (1.3.3)
    treetop (1.4.10)
      polyglot
      polyglot (>= 0.3.1)
    tzinfo (0.3.30)
    uglifier (1.0.4)
      execjs (>= 0.3.0)
      multi_json (>= 1.0.2)
    vcr (2.0.0.beta1)
    warden (1.0.6)
      rack (>= 1.0)
    webmock (1.7.7)
      addressable (~> 2.2, > 2.2.5)
      crack (>= 0.1.7)
    webrobots (0.0.12)
      nokogiri (>= 1.4.4)
    whenever (0.7.0)
      activesupport (>= 2.3.4)
      chronic (~> 0.6.3)
    xpath (0.1.4)
      nokogiri (~> 1.3)
    yamler (0.1.0)
    yui-compressor (0.9.6)
      POpen4 (>= 0.1.4)

PLATFORMS
  ruby

DEPENDENCIES
  bootstrap-generators!
  bson_ext (~> 1.4)
  capistrano
  capybara
  capybara-mechanize!
  capybara-webkit
  coffee-rails (~> 3.1)
  compass!
  configatron
  database_cleaner
  devise!
  factory_girl_rails (~> 1.3)
  fuubar
  guard-bundler
  guard-coffeescript
  guard-jasmine-headless-webkit
  guard-process
  guard-rails
  guard-rails-assets
  guard-rspec
  guard-sass
  guard-spork
  guard-uglify
  haml
  hpricot
  jasmine
  jasmine-headless-webkit
  jquery-rails
  kaminari
  launchy
  letter_opener!
  libnotify (~> 0.1.3)
  mongoid (~> 2.3)
  mongoid-rspec!
  multi_json
  omniauth (= 1.0.0.rc2)!
  omniauth-contrib (= 1.0.0.rc2)!
  omniauth-oauth (= 1.0.0.rc2)!
  omniauth-oauth2 (= 1.0.0.rc2)!
  omniauth-openid (= 1.0.0.rc2)!
  rails (= 3.1.1)
  rails-footnotes
  rb-inotify (>= 0.5.1)
  rspec-instafail
  rspec-rails (~> 2.6)
  ruby-debug19
  ruby_parser
  sass
  sass-rails (~> 3.1)
  simple_form!
  simplecov
  spork (>= 0.9.0.rc9)
  therubyracer
  twitter-bootstrap-rails!
  twitter_bootstrap_form_for!
  uglifier
  vcr (~> 2.0.0.beta1)
  webmock
  whenever
  yui-compressor
