GIT
  remote: git://github.com/arunagw/omniauth-twitter.git
  revision: 3d0ee54a7bfc843602ad195e47695b1e22f8cbec
  specs:
    omniauth-twitter (0.0.8)
      omniauth-oauth (~> 1.0)

GIT
  remote: git://github.com/bradphelan/jasminerice.git
  revision: 553d7969dd68cbb6951d4f999d287af3aec23650
  specs:
    jasminerice (0.0.8)
      coffee-rails
      haml

GIT
  remote: git://github.com/evansagge/mongoid-rspec.git
  revision: c6e4ca867788fcb4678e46dec64961e8835780e4
  specs:
    mongoid-rspec (1.4.4)
      mongoid (~> 2.0)
      rake
      rspec (~> 2)

GIT
  remote: git://github.com/intridea/omniauth-github.git
  revision: 717fdca849ad1f0dcbd7f3edaeb3370bca95db9d
  specs:
    omniauth-github (1.0.1)
      omniauth (~> 1.0)
      omniauth-oauth2 (~> 1.0)

GIT
  remote: git://github.com/intridea/omniauth-oauth.git
  revision: 5634d4e001ba8f1b0959044cbcfd4b0ff63b70fc
  specs:
    omniauth-oauth (1.0.1)
      oauth
      omniauth (~> 1.0)

GIT
  remote: git://github.com/intridea/omniauth-oauth2.git
  revision: e54d91dbfa00109ddf9476a95d8f7e7783f082c6
  specs:
    omniauth-oauth2 (1.0.0)
      oauth2 (~> 0.5.0)
      omniauth (~> 1.0)

GIT
  remote: git://github.com/intridea/omniauth-openid.git
  revision: e9965493e2d8a2fc138ccae39c8bcf49311e496f
  specs:
    omniauth-openid (1.0.1)
      omniauth (~> 1.0)
      rack-openid (~> 1.3.1)

GIT
  remote: git://github.com/intridea/omniauth.git
  revision: bcd891aec40ca66016600d418371d6df0885cce4
  specs:
    omniauth (1.0.3)
      hashie (~> 1.2)
      rack

GIT
  remote: git://github.com/jeroenvandijk/capybara-mechanize.git
  revision: 68184da411d2cbe968c3d1fbe1f02799f7499498
  specs:
    capybara-mechanize (0.3.0)
      capybara (~> 1.1)
      mechanize (~> 2.3)

GIT
  remote: git://github.com/mkdynamic/omniauth-facebook.git
  revision: c06341ea16b16692fba9900576349e941935ddae
  specs:
    omniauth-facebook (1.2.0)
      omniauth-oauth2 (~> 1.0.0)

GIT
  remote: git://github.com/netzpirat/guard-jasmine.git
  revision: 443b97c2b051375f001623872b708fc5dbe92cc2
  specs:
    guard-jasmine (1.0.4)
      childprocess
      guard (>= 0.8.3)
      multi_json
      thor

GIT
  remote: git://github.com/plataformatec/simple_form.git
  revision: 51f680a9a2233748669655d81c82f96bef775298
  specs:
    simple_form (2.0.2.dev)
      actionpack (~> 3.0)
      activemodel (~> 3.0)

GIT
  remote: git://github.com/ryanb/letter_opener.git
  revision: 29b17fefe87b8fdc7ead987dbfabe355b59ff684
  specs:
    letter_opener (0.0.2)
      launchy

GIT
  remote: git://github.com/skorks/omniauth-linkedin.git
  revision: ef92e0fb31a06cc8830de28172426e71d8753dc0
  specs:
    omniauth-linkedin (0.0.6)
      omniauth-oauth (~> 1.0.0)

GIT
  remote: git://github.com/stouset/twitter_bootstrap_form_for.git
  revision: b581853d51beabe56515100fb66d83663d3fbd3c
  specs:
    twitter_bootstrap_form_for (1.0.5)
      actionpack (~> 3)
      railties (~> 3)

GIT
  remote: http://github.com/seyhunak/twitter-bootstrap-rails.git
  revision: e234cf2d07219d8bd4ff1796ac0423502eeb8a26
  specs:
    twitter-bootstrap-rails (2.0.4)
      actionpack (>= 3.1)
      less-rails (~> 2.1.6)
      railties (>= 3.1)

GEM
  remote: http://rubygems.org/
  specs:
    POpen4 (0.1.4)
      Platform (>= 0.4.0)
      open4
    Platform (0.4.0)
    actionmailer (3.2.2)
      actionpack (= 3.2.2)
      mail (~> 2.4.0)
    actionpack (3.2.2)
      activemodel (= 3.2.2)
      activesupport (= 3.2.2)
      builder (~> 3.0.0)
      erubis (~> 2.7.0)
      journey (~> 1.0.1)
      rack (~> 1.4.0)
      rack-cache (~> 1.1)
      rack-test (~> 0.6.1)
      sprockets (~> 2.1.2)
    activemodel (3.2.2)
      activesupport (= 3.2.2)
      builder (~> 3.0.0)
    activerecord (3.2.2)
      activemodel (= 3.2.2)
      activesupport (= 3.2.2)
      arel (~> 3.0.2)
      tzinfo (~> 0.3.29)
    activeresource (3.2.2)
      activemodel (= 3.2.2)
      activesupport (= 3.2.2)
    activesupport (3.2.2)
      i18n (~> 0.6)
      multi_json (~> 1.0)
    addressable (2.2.7)
    arel (3.0.2)
    bcrypt-ruby (3.0.1)
    bson (1.6.1)
    bson_ext (1.6.1)
      bson (~> 1.6.1)
    builder (3.0.0)
    capistrano (2.11.2)
      highline
      net-scp (>= 1.0.0)
      net-sftp (>= 2.0.0)
      net-ssh (>= 2.0.14)
      net-ssh-gateway (>= 1.1.0)
    capybara (1.1.2)
      mime-types (>= 1.16)
      nokogiri (>= 1.3.3)
      rack (>= 1.0.0)
      rack-test (>= 0.5.4)
      selenium-webdriver (~> 2.0)
      xpath (~> 0.1.4)
    capybara-webkit (0.11.0)
      capybara (>= 1.0.0, < 1.2)
      json
    childprocess (0.3.1)
      ffi (~> 1.0.6)
    chronic (0.6.7)
    coderay (1.0.5)
    coffee-rails (3.2.2)
      coffee-script (>= 2.2.0)
      railties (~> 3.2.0)
    coffee-script (2.2.0)
      coffee-script-source
      execjs
    coffee-script-source (1.2.0)
    commonjs (0.2.5)
    configatron (2.9.0)
      yamler (>= 0.1.0)
    crack (0.3.1)
    daemons (1.1.8)
    database_cleaner (0.7.2)
    devise (2.0.4)
      bcrypt-ruby (~> 3.0)
      orm_adapter (~> 0.0.3)
      railties (~> 3.1)
      warden (~> 1.1.1)
    diff-lcs (1.1.3)
    domain_name (0.5.2)
      unf (~> 0.0.3)
    erubis (2.7.0)
    eventmachine (0.12.10)
    execjs (1.3.0)
      multi_json (~> 1.0)
    factory_girl (3.0.0)
      activesupport (>= 3.0.0)
    factory_girl_rails (3.0.0)
      factory_girl (~> 3.0.0)
      railties (>= 3.0.0)
    faraday (0.7.6)
      addressable (~> 2.2)
      multipart-post (~> 1.1)
      rack (~> 1.1)
    ffi (1.0.11)
    foreman (0.41.0)
      thor (>= 0.13.6)
    fuubar (1.0.0)
      rspec (~> 2.0)
      rspec-instafail (~> 0.2.0)
      ruby-progressbar (~> 0.0.10)
    guard (1.0.1)
      ffi (>= 0.5.0)
      thor (~> 0.14.6)
    guard-bundler (0.1.3)
      bundler (>= 1.0.0)
      guard (>= 0.2.2)
    guard-coffeescript (0.5.6)
      coffee-script (>= 2.2.0)
      guard (>= 0.8.3)
    guard-process (1.0.3)
      ffi (~> 1.0.9)
      guard (>= 0.4.2)
      spoon (~> 0.0.1)
    guard-rails (0.1.0)
      guard (>= 0.2.2)
    guard-rails-assets (0.1.3)
      guard
      rails (>= 3.1.1)
      rake
    guard-rspec (0.6.0)
      guard (>= 0.10.0)
    guard-sass (0.5.4)
      guard (>= 0.4.0)
      sass (>= 3.1)
    guard-spork (0.5.2)
      guard (>= 0.10.0)
      spork (>= 0.8.4)
    guard-uglify (0.1.0)
      guard (>= 0.2.2)
      uglifier
    haml (3.1.4)
    haml-rails (0.3.4)
      actionpack (~> 3.0)
      activesupport (~> 3.0)
      haml (~> 3.0)
      railties (~> 3.0)
    hashie (1.2.0)
    highline (1.6.11)
    hike (1.2.1)
    hpricot (0.8.6)
    i18n (0.6.0)
    jasmine (1.1.2)
      jasmine-core (>= 1.1.0)
      rack (>= 1.1)
      rspec (>= 1.3.1)
      selenium-webdriver (>= 0.1.3)
    jasmine-core (1.1.0)
    journey (1.0.3)
    jquery-rails (2.0.1)
      railties (>= 3.2.0, < 5.0)
      thor (~> 0.14)
    json (1.6.5)
    kaminari (0.13.0)
      actionpack (>= 3.0.0)
      activesupport (>= 3.0.0)
      railties (>= 3.0.0)
    launchy (2.1.0)
      addressable (~> 2.2.6)
    less (2.0.11)
      commonjs (~> 0.2.0)
      therubyracer (~> 0.9.9)
    less-rails (2.1.8)
      actionpack (>= 3.1)
      less (~> 2.0.7)
    libnotify (0.7.2)
    libv8 (3.3.10.4)
    mail (2.4.4)
      i18n (>= 0.4.0)
      mime-types (~> 1.16)
      treetop (~> 1.4.8)
    mechanize (2.3)
      domain_name (~> 0.5, >= 0.5.1)
      mime-types (~> 1.17, >= 1.17.2)
      net-http-digest_auth (~> 1.1, >= 1.1.1)
      net-http-persistent (~> 2.5, >= 2.5.2)
      nokogiri (~> 1.4)
      ntlm-http (~> 0.1, >= 0.1.1)
      webrobots (~> 0.0, >= 0.0.9)
    metaclass (0.0.1)
    method_source (0.7.1)
    mime-types (1.18)
    mocha (0.10.5)
      metaclass (~> 0.0.1)
    mongo (1.6.1)
      bson (~> 1.6.1)
    mongoid (2.4.7)
      activemodel (~> 3.1)
      mongo (~> 1.3)
      tzinfo (~> 0.3.22)
    multi_json (1.1.0)
    multipart-post (1.1.5)
    net-http-digest_auth (1.2)
    net-http-persistent (2.5.2)
    net-scp (1.0.4)
      net-ssh (>= 1.99.1)
    net-sftp (2.0.5)
      net-ssh (>= 2.0.9)
    net-ssh (2.3.0)
    net-ssh-gateway (1.1.0)
      net-ssh (>= 1.99.1)
    nokogiri (1.5.2)
    ntlm-http (0.1.1)
    oauth (0.4.5)
    oauth2 (0.5.2)
      faraday (~> 0.7)
      multi_json (~> 1.0)
    open4 (1.3.0)
    orm_adapter (0.0.7)
    polyglot (0.3.3)
    pry (0.9.8.4)
      coderay (~> 1.0.5)
      method_source (~> 0.7.1)
      slop (>= 2.4.4, < 3)
    pry-doc (0.4.1)
      pry (>= 0.9.0)
      yard (~> 0.7.4)
    rack (1.4.1)
    rack-cache (1.2)
      rack (>= 0.4)
    rack-openid (1.3.1)
      rack (>= 1.1.0)
      ruby-openid (>= 2.1.8)
    rack-ssl (1.3.2)
      rack
    rack-test (0.6.1)
      rack (>= 1.0)
    rails (3.2.2)
      actionmailer (= 3.2.2)
      actionpack (= 3.2.2)
      activerecord (= 3.2.2)
      activeresource (= 3.2.2)
      activesupport (= 3.2.2)
      bundler (~> 1.0)
      railties (= 3.2.2)
    rails-footnotes (3.7.6)
      rails (>= 3.0.0)
    railties (3.2.2)
      actionpack (= 3.2.2)
      activesupport (= 3.2.2)
      rack-ssl (~> 1.3.2)
      rake (>= 0.8.7)
      rdoc (~> 3.4)
      thor (~> 0.14.6)
    rake (0.9.2.2)
    rb-inotify (0.8.8)
      ffi (>= 0.5.0)
    rb-readline (0.4.2)
    rdoc (3.12)
      json (~> 1.4)
    rspec (2.9.0)
      rspec-core (~> 2.9.0)
      rspec-expectations (~> 2.9.0)
      rspec-mocks (~> 2.9.0)
    rspec-core (2.9.0)
    rspec-expectations (2.9.0)
      diff-lcs (~> 1.1.3)
    rspec-instafail (0.2.3)
    rspec-mocks (2.9.0)
    rspec-rails (2.9.0)
      actionpack (>= 3.0)
      activesupport (>= 3.0)
      railties (>= 3.0)
      rspec (~> 2.9.0)
    ruby-openid (2.1.8)
    ruby-progressbar (0.0.10)
    ruby_parser (2.3.1)
      sexp_processor (~> 3.0)
    rubyzip (0.9.6.1)
    sass (3.1.15)
    sass-rails (3.2.5)
      railties (~> 3.2.0)
      sass (>= 3.1.10)
      tilt (~> 1.3)
    selenium-webdriver (2.20.0)
      childprocess (>= 0.2.5)
      ffi (~> 1.0)
      multi_json (~> 1.0)
      rubyzip
    sexp_processor (3.1.0)
    show_for (0.2.4)
    simplecov (0.6.1)
      multi_json (~> 1.0)
      simplecov-html (~> 0.5.3)
    simplecov-html (0.5.3)
    slop (2.4.4)
    spoon (0.0.1)
    spork (1.0.0rc2)
    spork-rails (3.2.0)
      rails (>= 3.0.0, < 3.3.0)
      spork (>= 1.0rc0)
    sprockets (2.1.2)
      hike (~> 1.2)
      rack (~> 1.0)
      tilt (~> 1.1, != 1.3.0)
    therubyracer (0.9.10)
      libv8 (~> 3.3.10)
    thin (1.3.1)
      daemons (>= 1.0.9)
      eventmachine (>= 0.12.6)
      rack (>= 1.0.0)
    thor (0.14.6)
    tilt (1.3.3)
    timecop (0.3.5)
    treetop (1.4.10)
      polyglot
      polyglot (>= 0.3.1)
    tzinfo (0.3.32)
    uglifier (1.2.3)
      execjs (>= 0.3.0)
      multi_json (>= 1.0.2)
    unf (0.0.5)
      unf_ext
    unf_ext (0.0.4)
    vcr (2.0.0)
    warden (1.1.1)
      rack (>= 1.0)
    webmock (1.8.4)
      addressable (>= 2.2.7)
      crack (>= 0.1.7)
    webrobots (0.0.13)
    whenever (0.7.3)
      activesupport (>= 2.3.4)
      chronic (~> 0.6.3)
    xpath (0.1.4)
      nokogiri (~> 1.3)
    yamler (0.1.0)
    yard (0.7.5)
    yui-compressor (0.9.6)
      POpen4 (>= 0.1.4)

PLATFORMS
  ruby

DEPENDENCIES
  bson_ext (~> 1.5)
  capistrano
  capybara
  capybara-mechanize!
  capybara-webkit
  coffee-rails (~> 3.2)
  configatron
  database_cleaner
  devise (~> 2.0)
  factory_girl_rails
  foreman
  fuubar
  guard
  guard-bundler
  guard-coffeescript
  guard-jasmine!
  guard-process
  guard-rails
  guard-rails-assets
  guard-rspec
  guard-sass
  guard-spork
  guard-uglify
  haml
  haml-rails
  hpricot
  jasmine
  jasminerice!
  jquery-rails
  kaminari
  launchy
  letter_opener!
  libnotify
  mocha
  mongoid (~> 2.4)
  mongoid-rspec!
  multi_json
  omniauth (~> 1.0)!
  omniauth-facebook!
  omniauth-github!
  omniauth-linkedin!
  omniauth-oauth!
  omniauth-oauth2!
  omniauth-openid!
  omniauth-twitter!
  pry
  pry-doc
  rails (~> 3.2)
  rails-footnotes
  rb-inotify
  rb-readline
  rspec-instafail
  rspec-rails (~> 2.9)
  ruby_parser
  sass-rails (~> 3.2)
  show_for
  simple_form!
  simplecov
  spork-rails
  therubyracer
  thin
  timecop
  twitter-bootstrap-rails!
  twitter_bootstrap_form_for!
  uglifier
  vcr (~> 2.0)
  webmock
  whenever
  yui-compressor
